PATH
  remote: .
  specs:
    serializable_data (0.0.1)

GEM
  remote: http://rubygems.org/
  specs:
    activerecord (2.3.11)
      activesupport (= 2.3.11)
    activesupport (2.3.11)
    flexmock (0.8.11)
    rake (0.8.7)

PLATFORMS
  ruby

DEPENDENCIES
  activerecord (>= 2.3.11)
  bundler (>= 1.0.0)
  flexmock (= 0.8.11)
  rake (= 0.8.7)
  serializable_data!
